GEM
  remote: http://rubygems.org/
  specs:
    diff-lcs (1.6.2)
    minitest (5.25.5)
    rspec (3.13.1)
      rspec-core (~> 3.13.0)
      rspec-expectations (~> 3.13.0)
      rspec-mocks (~> 3.13.0)
    rspec-core (3.13.5)
      rspec-support (~> 3.13.0)
    rspec-expectations (3.13.5)
      diff-lcs (>= 1.2.0, < 2.0)
      rspec-support (~> 3.13.0)
    rspec-mocks (3.13.5)
      diff-lcs (>= 1.2.0, < 2.0)
      rspec-support (~> 3.13.0)
    rspec-support (3.13.4)

PLATFORMS
  ruby
  x86_64-linux

DEPENDENCIES
  minitest
  rspec

BUNDLED WITH
   2.5.11
