GEM
  remote: http://rubygems.org/
  specs:
    minitest (5.25.5)

PLATFORMS
  ruby
  x86_64-linux

DEPENDENCIES
  minitest

BUNDLED WITH
   2.5.11
